GEM
  remote: https://rubygems.org/
  specs:
    rutui (0.7.3)

PLATFORMS
  ruby

DEPENDENCIES
  rutui (~> 0.7.3)

BUNDLED WITH
   1.17.3
